GEM
  remote: https://rubygems.org/
  specs:
    minitest (5.8.1)
    rake (10.4.2)

PLATFORMS
  ruby

DEPENDENCIES
  minitest
  rake

BUNDLED WITH
   1.10.6
