GEM
  remote: https://rubygems.org/
  specs:
    builder (3.2.3)
    codeclimate-test-reporter (1.0.8)
      simplecov (<= 0.13)
    cucumber (2.4.0)
      builder (>= 2.1.2)
      cucumber-core (~> 1.5.0)
      cucumber-wire (~> 0.0.1)
      diff-lcs (>= 1.1.3)
      gherkin (~> 4.0)
      multi_json (>= 1.7.5, < 2.0)
      multi_test (>= 0.1.2)
    cucumber-core (1.5.0)
      gherkin (~> 4.0)
    cucumber-wire (0.0.1)
    diff-lcs (1.3)
    docile (1.1.5)
    gherkin (4.1.1)
    json (2.0.4)
    minitest (5.10.1)
    multi_json (1.12.1)
    multi_test (0.1.2)
    rake (12.0.0)
    simplecov (0.13.0)
      docile (~> 1.1.0)
      json (>= 1.8, < 3)
      simplecov-html (~> 0.10.0)
    simplecov-html (0.10.0)

PLATFORMS
  ruby

DEPENDENCIES
  codeclimate-test-reporter
  cucumber
  minitest
  rake
  simplecov

BUNDLED WITH
   1.12.5
